GIT
  remote: git://github.com/Manfred/broach.git
  revision: abf3f9f5eb3a98499fade9f906b31ce014a01044
  specs:
    broach (0.2.0)
      nap (>= 0.3)

GIT
  remote: git://github.com/qrush/nap.git
  revision: a94f79fae4c513e213dcf35bd25e90735b9cf36b
  specs:
    nap (0.3.1)

GEM
  remote: http://rubygems.org/
  specs:
    ParseTree (3.0.6)
      RubyInline (>= 3.7.0)
      sexp_processor (>= 3.0.0)
    RubyInline (3.8.6)
      ZenTest (~> 4.3)
    ZenTest (4.4.0)
    activemodel (3.0.0)
      activesupport (= 3.0.0)
      builder (~> 2.1.2)
      i18n (~> 0.4.1)
    activerecord (3.0.0)
      activemodel (= 3.0.0)
      activesupport (= 3.0.0)
      arel (~> 1.0.0)
      tzinfo (~> 0.3.23)
    activesupport (3.0.0)
    addressable (2.1.1)
    ansi (1.2.2)
    arel (1.0.1)
      activesupport (~> 3.0.0)
    bcat (0.5.2)
      rack (< 1.2)
    bcrypt-ruby (2.1.2)
    builder (2.1.2)
    bunny (0.6.0)
    columnize (0.3.1)
    contest (0.1.2)
    crack (0.1.8)
    daemons (1.1.0)
    data_objects (0.10.2)
      addressable (~> 2.1)
    delayed_job (2.0.3)
      daemons
    dm-aggregates (1.0.0)
      dm-core (~> 1.0.0)
    dm-core (1.0.0)
      addressable (~> 2.1)
      extlib (~> 0.9.15)
    dm-do-adapter (1.0.0)
      data_objects (~> 0.10.1)
      dm-core (~> 1.0.0)
    dm-migrations (1.0.0)
      dm-core (~> 1.0.0)
    dm-sqlite-adapter (1.0.0)
      dm-do-adapter (~> 1.0.0)
      do_sqlite3 (~> 0.10.2)
    dm-sweatshop (1.0.0)
      dm-core (~> 1.0.0)
      randexp (~> 0.1.5)
    dm-timestamps (1.0.0)
      dm-core (~> 1.0.0)
    dm-types (1.0.0)
      dm-core (~> 1.0.0)
      fastercsv (~> 1.5.3)
      json_pure (~> 1.4.3)
      stringex (~> 1.1.0)
      uuidtools (~> 2.1.1)
    dm-validations (1.0.0)
      dm-core (~> 1.0.0)
    do_sqlite3 (0.10.2)
      data_objects (= 0.10.2)
    extlib (0.9.15)
    fastercsv (1.5.3)
    haml (2.2.17)
    hpricot (0.8.2)
    i18n (0.4.1)
    json (1.1.9)
    json_pure (1.4.6)
    linecache (0.43)
    mailfactory (1.4.0)
      mime-types (>= 1.13.1)
    mime-types (1.16)
    mocha (0.9.8)
      rake
    nokogiri (1.4.3.1)
    rack (1.1.0)
    rack-test (0.5.0)
    rake (0.8.7)
    randexp (0.1.5)
      ParseTree
    redgreen (1.2.2)
    rr (1.0.0)
    ruby-debug (0.10.3)
      columnize (>= 0.1)
      ruby-debug-base (~> 0.10.3.0)
    ruby-debug-base (0.10.3)
      linecache (>= 0.3)
    rumbster (1.0.0)
    sexp_processor (3.0.5)
    shout-bot (0.0.4)
      addressable
    sinatra (1.0)
      rack (>= 1.0)
    sinatra-authorization (1.0.0)
      sinatra (>= 0.9.1.1)
    sinatra-ditties (0.0.2)
      mailfactory (>= 1.4.0)
      sinatra (>= 0.3.2)
      tlsmail
    sqlite3-ruby (1.3.1)
    stringex (1.1.0)
    thor (0.9.9)
    tlsmail (0.0.1)
    turn (0.8.1)
      ansi (>= 1.2.2)
    tzinfo (0.3.23)
    uuidtools (2.1.1)
    webmock (1.3.5)
      addressable (>= 2.1.1)
      crack (>= 0.1.7)
    webrat (0.6.0)
      nokogiri (>= 1.2.0)
      rack (>= 1.0)

PLATFORMS
  ruby

DEPENDENCIES
  ParseTree
  activerecord
  addressable (= 2.1.1)
  bcat (~> 0.5)
  bcrypt-ruby (= 2.1.2)
  broach!
  bunny
  contest
  data_objects (= 0.10.2)
  delayed_job
  dm-aggregates (= 1.0.0)
  dm-core (= 1.0.0)
  dm-migrations (= 1.0.0)
  dm-sqlite-adapter (= 1.0.0)
  dm-sweatshop
  dm-timestamps (= 1.0.0)
  dm-types (= 1.0.0)
  dm-validations (= 1.0.0)
  do_sqlite3 (= 0.10.2)
  extlib (= 0.9.15)
  haml (= 2.2.17)
  hpricot
  json (= 1.1.9)
  mocha
  nap!
  nokogiri
  rack (= 1.1.0)
  rack-test (= 0.5.0)
  rake
  randexp
  redgreen
  rr
  ruby-debug
  rumbster
  shout-bot
  sinatra (= 1.0.0)
  sinatra-authorization (= 1.0.0)
  sinatra-ditties
  sqlite3-ruby
  thor (= 0.9.9)
  turn
  uuidtools (= 2.1.1)
  webmock
  webrat
